NUGET
  remote: https://nuget.org/api/v2
  specs:
    Wooga.Lambda (0.5.0)
    Wooga.Lambda.Unity3D.Source (0.5.0)
