NUGET
  remote: https://nuget.org/api/v2
  specs:
    DotNetZip (1.9.3)
    FAKE (3.13.4)
    FSharp.Compiler.Service (0.0.81)
    FSharp.Core (3.1.2.1)
    FSharp.Formatting (2.6.0)
      FSharp.Compiler.Service (>= 0.0.81)
    Microsoft.Bcl (1.1.9)
      Microsoft.Bcl.Build (>= 1.0.14)
    Microsoft.Bcl.Build (1.0.21)
    Microsoft.Net.Http (2.2.28)
      Microsoft.Bcl (>= 1.1.9)
      Microsoft.Bcl.Build (>= 1.0.14)
    Newtonsoft.Json (6.0.8)
    NuGet.CommandLine (2.8.3)
    NUnit (2.6.4)
    NUnit.Runners (2.6.4)
    Octokit (0.6.2)
      Microsoft.Net.Http
    Paket.Core (0.22.9)
      DotNetZip (>= 1.9.3)
      FSharp.Core (>= 3.1.2.1)
      Newtonsoft.Json (>= 6.0.7)
    SourceLink.Fake (0.4.2)
GITHUB
  remote: fsharp/FAKE
  specs:
    modules/Octokit/Octokit.fsx (923c0cca3310ec2e8f90e62f301f65625db02064)
      Octokit