NUGET
  remote: https://nuget.org/api/v2
  specs:
    FAKE (3.36.0)
    FSharp.Compiler.Service (1.3.1.0)
    FSharp.Core (3.1.2.5)
    FSharp.Formatting (2.9.10)
      FSharp.Compiler.Service (>= 0.0.87)
      FSharpVSPowerTools.Core (1.8.0)
    FSharpVSPowerTools.Core (1.8.0)
      FSharp.Compiler.Service (>= 0.0.87)
    Microsoft.Bcl (1.1.10)
      Microsoft.Bcl.Build (>= 1.0.14)
    Microsoft.Bcl.Build (1.0.21)
    Microsoft.Net.Http (2.2.29)
      Microsoft.Bcl (>= 1.1.10)
      Microsoft.Bcl.Build (>= 1.0.14)
    Newtonsoft.Json (7.0.1)
    NuGet.CommandLine (2.8.5)
    NUnit (2.6.4)
    NUnit.Runners (2.6.4)
    Octokit (0.14.0)
      Microsoft.Net.Http
    Paket.Core (1.19.7)
      FSharp.Core
      Newtonsoft.Json
    SourceLink.Fake (1.0.0)
    UnionArgParser (0.8.7)
GITHUB
  remote: fsharp/FAKE
  specs:
    modules/Octokit/Octokit.fsx (3bde7566d4514ce83e88d376141ee848847ae6e9)
      Octokit
    src/app/FakeLib/Globbing/Globbing.fs (3bde7566d4514ce83e88d376141ee848847ae6e9)
  remote: fsprojects/Chessie
  specs:
    src/Chessie/ErrorHandling.fs (2e4d76714d6d01ac64913317870f05d7f7ae8e37)